PATH
  remote: .
  specs:
    sagamore-rest-client (2.0.0)
      json (>= 1.4.1)
      rest-client

GEM
  remote: http://rubygems.org/
  specs:
    json (1.6.5)
    mime-types (1.17.2)
    rest-client (1.6.7)
      mime-types (>= 1.16)

PLATFORMS
  ruby

DEPENDENCIES
  sagamore-rest-client!
